PATH
  remote: .
  specs:
    jaspersoft (0.0.1)
      activesupport
      faraday
      nokogiri

GEM
  remote: https://rubygems.org/
  specs:
    activesupport (3.0.0)
    diff-lcs (1.2.3)
    faraday (0.8.7)
      multipart-post (~> 1.1)
    multipart-post (1.2.0)
    nokogiri (1.5.9)
    rake (10.0.4)
    rspec (2.13.0)
      rspec-core (~> 2.13.0)
      rspec-expectations (~> 2.13.0)
      rspec-mocks (~> 2.13.0)
    rspec-core (2.13.1)
    rspec-expectations (2.13.0)
      diff-lcs (>= 1.1.3, < 2.0)
    rspec-mocks (2.13.1)

PLATFORMS
  ruby

DEPENDENCIES
  bundler (~> 1.3)
  jaspersoft!
  rake
  rspec
